GEM
  remote: https://rubygems.org/
  specs:
    SgfParser (2.0.0)

PLATFORMS
  java

DEPENDENCIES
  SgfParser
