GEM
  remote: https://rubygems.org/
  specs:
    SgfParser (2.0.0)
    ray (0.2.1)

PLATFORMS
  java
  ruby

DEPENDENCIES
  SgfParser
  ray
